GIT
  remote: https://github.com/galliani/airtable_client.git
  revision: 121e322f82a07e7c77fb5f6c8ddecdbcd1d8b13f
  specs:
    airtable (0.1.0)
      faraday (~> 0.11.0)
      faraday_middleware (~> 0.10.1)

GEM
  remote: https://rubygems.org/
  specs:
    byebug (10.0.2)
    colorator (0.1)
    dotenv (2.5.0)
    faraday (0.11.0)
      multipart-post (>= 1.2, < 3)
    faraday_middleware (0.10.1)
      faraday (>= 0.7.4, < 1.0)
    ffi (1.9.10)
    ffi (1.9.10-x64-mingw32)
    jekyll (3.1.6)
      colorator (~> 0.1)
      jekyll-sass-converter (~> 1.0)
      jekyll-watch (~> 1.1)
      kramdown (~> 1.3)
      liquid (~> 3.0)
      mercenary (~> 0.3.3)
      rouge (~> 1.7)
      safe_yaml (~> 1.0)
    jekyll-feed (0.5.1)
    jekyll-sass-converter (1.4.0)
      sass (~> 3.4)
    jekyll-sitemap (0.10.0)
    jekyll-watch (1.4.0)
      listen (~> 3.0, < 3.1)
    kramdown (1.11.1)
    liquid (3.0.6)
    listen (3.0.8)
      rb-fsevent (~> 0.9, >= 0.9.4)
      rb-inotify (~> 0.9, >= 0.9.7)
    mercenary (0.3.6)
    multipart-post (2.0.0)
    rb-fsevent (0.9.7)
    rb-inotify (0.9.7)
      ffi (>= 0.5.0)
    rouge (1.10.1)
    safe_yaml (1.0.4)
    sass (3.4.22)

PLATFORMS
  ruby
  x64-mingw32

DEPENDENCIES
  airtable!
  byebug
  dotenv
  jekyll
  jekyll-feed
  jekyll-sitemap

BUNDLED WITH
   1.16.1
